GIT
  remote: https://github.com/drewish/jekyll_oembed.git
  revision: bfb6e5d0990d78aaade7f90457482313cb530c59
  branch: caching
  specs:
    jekyll-oembed (0.0.1)
      jekyll
      ruby-oembed (= 0.8.8)

GEM
  remote: https://rubygems.org/
  specs:
    chunky_png (1.2.8)
    classifier (1.3.3)
      fast-stemmer (>= 1.0.0)
    coderay (1.0.9)
    colorator (0.1)
    commander (4.1.5)
      highline (~> 1.6.11)
    compass (0.12.2)
      chunky_png (~> 1.2)
      fssm (>= 0.2.7)
      sass (~> 3.1)
    directory_watcher (1.4.1)
    execjs (2.0.2)
    fast-stemmer (1.0.2)
    ffi (1.9.0)
    formatador (0.2.4)
    fssm (0.2.10)
    guard (1.8.3)
      formatador (>= 0.2.4)
      listen (~> 1.3)
      lumberjack (>= 1.0.2)
      pry (>= 0.9.10)
      thor (>= 0.14.6)
    guard-jekyll-plus (1.4.9)
      guard (>= 1.1.0)
      jekyll (>= 1.0.0)
    highline (1.6.19)
    hike (1.2.3)
    jekyll (1.2.1)
      classifier (~> 1.3)
      colorator (~> 0.1)
      commander (~> 4.1.3)
      directory_watcher (~> 1.4.1)
      liquid (~> 2.5.2)
      maruku (~> 0.5)
      pygments.rb (~> 0.5.0)
      redcarpet (~> 2.3.0)
      safe_yaml (~> 0.7.0)
    jekyll-assets (0.7.2)
      jekyll (~> 1.0)
      sprockets (~> 2.10)
    liquid (2.5.2)
    listen (1.3.1)
      rb-fsevent (>= 0.9.3)
      rb-inotify (>= 0.9)
      rb-kqueue (>= 0.2)
    lumberjack (1.0.4)
    maruku (0.7.0)
    method_source (0.8.2)
    multi_json (1.8.0)
    posix-spawn (0.3.6)
    pry (0.9.12.2)
      coderay (~> 1.0.5)
      method_source (~> 0.8)
      slop (~> 3.4)
    pygments.rb (0.5.2)
      posix-spawn (~> 0.3.6)
      yajl-ruby (~> 1.1.0)
    rack (1.5.2)
    rb-fsevent (0.9.3)
    rb-inotify (0.9.2)
      ffi (>= 0.5.0)
    rb-kqueue (0.2.0)
      ffi (>= 0.5.0)
    redcarpet (2.3.0)
    ruby-oembed (0.8.8)
    safe_yaml (0.7.1)
    sass (3.2.11)
    slop (3.4.6)
    sprockets (2.10.0)
      hike (~> 1.2)
      multi_json (~> 1.0)
      rack (~> 1.0)
      tilt (~> 1.1, != 1.3.0)
    thor (0.18.1)
    tilt (1.4.1)
    uglifier (2.2.1)
      execjs (>= 0.3.0)
      multi_json (~> 1.0, >= 1.0.2)
    yajl-ruby (1.1.0)

PLATFORMS
  ruby

DEPENDENCIES
  compass
  guard-jekyll-plus
  jekyll (= 1.2.1)
  jekyll-assets
  jekyll-oembed!
  redcarpet (= 2.3.0)
  sass (~> 3.2.10)
  uglifier
