GIT
  remote: https://github.com/drewish/jekyll_oembed.git
  revision: bfb6e5d0990d78aaade7f90457482313cb530c59
  branch: caching
  specs:
    jekyll-oembed (0.0.1)
      jekyll
      ruby-oembed (= 0.8.8)

GEM
  remote: https://rubygems.org/
  specs:
    chunky_png (1.2.8)
    classifier (1.3.3)
      fast-stemmer (>= 1.0.0)
    colorator (0.1)
    commander (4.1.5)
      highline (~> 1.6.11)
    compass (0.12.2)
      chunky_png (~> 1.2)
      fssm (>= 0.2.7)
      sass (~> 3.1)
    directory_watcher (1.4.1)
    fast-stemmer (1.0.2)
    fssm (0.2.10)
    highline (1.6.19)
    jekyll (1.2.0)
      classifier (~> 1.3)
      colorator (~> 0.1)
      commander (~> 4.1.3)
      directory_watcher (~> 1.4.1)
      liquid (~> 2.5.1)
      maruku (~> 0.5)
      pygments.rb (~> 0.5.0)
      redcarpet (~> 2.2.2)
      safe_yaml (~> 0.7.0)
    liquid (2.5.2)
    maruku (0.6.1)
      syntax (>= 1.0.0)
    posix-spawn (0.3.6)
    pygments.rb (0.5.2)
      posix-spawn (~> 0.3.6)
      yajl-ruby (~> 1.1.0)
    rb-fsevent (0.9.3)
    redcarpet (2.2.2)
    ruby-oembed (0.8.8)
    safe_yaml (0.7.1)
    sass (3.2.10)
    syntax (1.0.0)
    yajl-ruby (1.1.0)

PLATFORMS
  ruby

DEPENDENCIES
  compass
  jekyll
  jekyll-oembed!
  rb-fsevent
  redcarpet
  sass (~> 3.2.10)
